PATH
  remote: .
  specs:
    ilpomodoro (0.0.1)
      hashie
      highline
      logging
      pivotal-tracker
      terminal-notifier
      todoist

GEM
  remote: https://rubygems.org/
  specs:
    builder (3.2.2)
    cancun (0.0.6)
      sourcify
    crack (0.4.2)
      safe_yaml (~> 1.0.0)
    diff-lcs (1.2.4)
    file-tail (1.0.12)
      tins (~> 0.5)
    happymapper (0.4.1)
      libxml-ruby (~> 2.0)
    hashie (2.1.1)
    highline (1.6.21)
    httparty (0.13.1)
      json (~> 1.8)
      multi_xml (>= 0.5.2)
    json (1.8.1)
    libxml-ruby (2.7.0)
    little-plugger (1.1.3)
    logging (1.8.2)
      little-plugger (>= 1.1.3)
      multi_json (>= 1.8.4)
    mime-types (2.2)
    mini_portile (0.6.0)
    multi_json (1.10.0)
    multi_xml (0.5.5)
    nokogiri (1.6.2.1)
      mini_portile (= 0.6.0)
    nokogiri-happymapper (0.5.9)
      nokogiri (~> 1.5)
    pivotal-tracker (0.5.12)
      builder
      builder
      crack
      happymapper (>= 0.3.2)
      nokogiri (>= 1.4.3)
      nokogiri (>= 1.5.5)
      nokogiri-happymapper (>= 0.5.4)
      rest-client (~> 1.6.0)
      rest-client (~> 1.6.0)
    rake (10.1.0)
    rest-client (1.6.7)
      mime-types (>= 1.16)
    rspec (2.14.1)
      rspec-core (~> 2.14.0)
      rspec-expectations (~> 2.14.0)
      rspec-mocks (~> 2.14.0)
    rspec-core (2.14.6)
    rspec-expectations (2.14.3)
      diff-lcs (>= 1.1.3, < 2.0)
    rspec-mocks (2.14.4)
    ruby2ruby (2.0.7)
      ruby_parser (~> 3.1)
      sexp_processor (~> 4.0)
    ruby_parser (3.4.1)
      sexp_processor (~> 4.1)
    safe_yaml (1.0.3)
    sexp_processor (4.4.1)
    sourcify (0.5.0)
      file-tail (>= 1.0.5)
      ruby2ruby (>= 1.2.5)
      ruby_parser (>= 2.0.5)
      sexp_processor (>= 3.0.5)
    terminal-notifier (1.6.0)
    thor (0.19.1)
    tins (0.13.2)
    todoist (0.1.0)
      highline (~> 1.5)
      httparty (~> 0.3)
      thor (~> 0.9)

PLATFORMS
  ruby

DEPENDENCIES
  cancun
  ilpomodoro!
  rake
  rspec
  rspec-core
